GEM
  remote: https://rubygems.org/
  specs:
    httparty (0.11.0)
      multi_json (~> 1.0)
      multi_xml (>= 0.5.2)
    multi_json (1.8.0)
    multi_xml (0.5.5)
    rfuse (1.0.3)

PLATFORMS
  ruby

DEPENDENCIES
  httparty
  rfuse
