GEM
  remote: https://rubygems.org/
  specs:
    rfuse (1.0.3)

PLATFORMS
  ruby

DEPENDENCIES
  rfuse
