GEM
  remote: https://rubygems.org/
  specs:
    byebug (2.1.1)
      columnize (~> 0.3.6)
      debugger-linecache (~> 1.2.0)
    columnize (0.3.6)
    debugger-linecache (1.2.0)
    httparty (0.11.0)
      multi_json (~> 1.0)
      multi_xml (>= 0.5.2)
    mini_portile (0.5.1)
    multi_json (1.8.0)
    multi_xml (0.5.5)
    nokogiri (1.6.0)
      mini_portile (~> 0.5.0)
    rfuse (1.0.3)

PLATFORMS
  ruby

DEPENDENCIES
  byebug
  httparty
  nokogiri
  rfuse
